GEM
  remote: https://rubygems.org/
  specs:
    CFPropertyList (3.0.6)
      rexml
    ast (2.4.2)
    atomos (0.1.3)
    claide (1.1.0)
    colored2 (3.1.2)
    json (2.7.4)
    language_server-protocol (3.17.0.3)
    minitest (5.20.0)
    nanaimo (0.3.0)
    parallel (1.26.3)
    parser (3.3.5.0)
      ast (~> 2.4.1)
      racc
    racc (1.8.1)
    rainbow (3.1.1)
    regexp_parser (2.9.2)
    rexml (3.2.9)
      strscan
    rubocop (1.67.0)
      json (~> 2.3)
      language_server-protocol (>= 3.17.0)
      parallel (~> 1.10)
      parser (>= 3.3.0.2)
      rainbow (>= 2.2.2, < 4.0)
      regexp_parser (>= 2.4, < 3.0)
      rubocop-ast (>= 1.32.2, < 2.0)
      ruby-progressbar (~> 1.7)
      unicode-display_width (>= 2.4.0, < 3.0)
    rubocop-ast (1.32.3)
      parser (>= 3.3.1.0)
    rubocop-minitest (0.33.0)
      rubocop (>= 1.39, < 2.0)
    ruby-progressbar (1.13.0)
    strscan (3.1.0)
    unicode-display_width (2.6.0)
    xcodeproj (1.23.0)
      CFPropertyList (>= 2.3.3, < 4.0)
      atomos (~> 0.1.3)
      claide (>= 1.0.2, < 2.0)
      colored2 (~> 3.1)
      nanaimo (~> 0.3.0)
      rexml (~> 3.2.4)

PLATFORMS
  ruby

DEPENDENCIES
  minitest
  rubocop (>= 1.66.0)
  rubocop-minitest
  xcodeproj

BUNDLED WITH
   2.4.10
